GEM
  remote: http://rubygems.org/
  specs:
    backports (3.6.6)
    diff-lcs (1.2.5)
    dotenv (2.0.2)
    foreman (0.78.0)
      thor (~> 0.19.1)
    mini_portile (0.6.2)
    multi_json (1.11.2)
    puma (2.12.3)
    rack (1.6.4)
    rack-protection (1.5.3)
      rack
    rack-test (0.6.3)
      rack (>= 1.0)
    rack-timeout (0.3.2)
    rspec (3.3.0)
      rspec-core (~> 3.3.0)
      rspec-expectations (~> 3.3.0)
      rspec-mocks (~> 3.3.0)
    rspec-core (3.3.2)
      rspec-support (~> 3.3.0)
    rspec-expectations (3.3.1)
      diff-lcs (>= 1.2.0, < 2.0)
      rspec-support (~> 3.3.0)
    rspec-mocks (3.3.2)
      diff-lcs (>= 1.2.0, < 2.0)
      rspec-support (~> 3.3.0)
    rspec-support (3.3.0)
    sinatra (1.4.6)
      rack (~> 1.4)
      rack-protection (~> 1.4)
      tilt (>= 1.3, < 3)
    sinatra-contrib (1.4.6)
      backports (>= 2.0)
      multi_json
      rack-protection
      rack-test
      sinatra (~> 1.4.0)
      tilt (>= 1.3, < 3)
    thor (0.19.1)
    tilt (2.0.1)
    tiny_tds (0.7.0)
      mini_portile (= 0.6.2)

PLATFORMS
  ruby

DEPENDENCIES
  dotenv
  foreman
  puma
  rack-test
  rack-timeout
  rspec
  sinatra
  sinatra-contrib
  tiny_tds

BUNDLED WITH
   1.10.6
